GEM
  remote: https://rubygems.org/
  specs:
    ast (2.4.1)
    haml (4.0.7)
      tilt
    haml-lint (0.13.0)
      haml (~> 4.0)
      rubocop (>= 0.25.0)
      sysexits (~> 1.1)
    parser (2.7.2.0)
      ast (~> 2.4.1)
    powerpack (0.1.2)
    rack (1.6.13)
    rack-protection (1.5.5)
      rack
    rainbow (2.2.2)
      rake
    rake (10.4.2)
    rubocop (0.48.1)
      parser (>= 2.3.3.1, < 3.0)
      powerpack (~> 0.1)
      rainbow (>= 1.99.1, < 3.0)
      ruby-progressbar (~> 1.7)
      unicode-display_width (~> 1.0, >= 1.0.1)
    ruby-progressbar (1.10.1)
    sass (3.4.18)
    scss-lint (0.38.0)
      rainbow (~> 2.0)
      sass (~> 3.4.1)
    shotgun (0.9.1)
      rack (>= 1.0)
    sinatra (1.4.6)
      rack (~> 1.4)
      rack-protection (~> 1.4)
      tilt (>= 1.3, < 3)
    sysexits (1.2.0)
    tilt (2.0.1)
    unicode-display_width (1.7.0)

PLATFORMS
  ruby

DEPENDENCIES
  haml
  haml-lint
  rake
  rubocop
  sass
  scss-lint
  shotgun
  sinatra

BUNDLED WITH
   1.10.6
